GEM
  remote: http://rubygems.org/
  specs:
    activesupport (3.1.1)
      multi_json (~> 1.0)
    addressable (2.2.6)
    daemons (1.1.4)
    data_objects (0.10.7)
      addressable (~> 2.1)
    diff-lcs (1.1.3)
    dm-aggregates (1.2.0)
      dm-core (~> 1.2.0)
    dm-constraints (1.2.0)
      dm-core (~> 1.2.0)
    dm-core (1.2.0)
      addressable (~> 2.2.6)
    dm-do-adapter (1.2.0)
      data_objects (~> 0.10.6)
      dm-core (~> 1.2.0)
    dm-migrations (1.2.0)
      dm-core (~> 1.2.0)
    dm-sqlite-adapter (1.2.0)
      dm-do-adapter (~> 1.2.0)
      do_sqlite3 (~> 0.10.6)
    dm-timestamps (1.2.0)
      dm-core (~> 1.2.0)
    dm-validations (1.2.0)
      dm-core (~> 1.2.0)
    do_sqlite3 (0.10.7)
      data_objects (= 0.10.7)
    eventmachine (0.12.10)
    grit (2.4.1)
      diff-lcs (~> 1.1)
      mime-types (~> 1.15)
    haml (3.1.3)
    http_router (0.10.2)
      rack (>= 1.0.0)
      url_mount (~> 0.2.1)
    i18n (0.6.0)
    mail (2.3.0)
      i18n (>= 0.4.0)
      mime-types (~> 1.16)
      treetop (~> 1.4.8)
    metaclass (0.0.1)
    mime-types (1.16)
    minitest (2.6.2)
    mocha (0.10.0)
      metaclass (~> 0.0.1)
    multi_json (1.0.3)
    nokogiri (1.5.0)
    padrino (0.10.3)
      padrino-admin (= 0.10.3)
      padrino-cache (= 0.10.3)
      padrino-core (= 0.10.3)
      padrino-gen (= 0.10.3)
      padrino-helpers (= 0.10.3)
      padrino-mailer (= 0.10.3)
    padrino-admin (0.10.3)
      padrino-core (= 0.10.3)
      padrino-helpers (= 0.10.3)
    padrino-cache (0.10.3)
      padrino-core (= 0.10.3)
    padrino-core (0.10.3)
      activesupport (~> 3.1.0)
      http_router (~> 0.10.2)
      sinatra (~> 1.3.0)
      thor (~> 0.14.3)
      tilt (~> 1.3.0)
    padrino-gen (0.10.3)
      bundler (~> 1.0)
      grit (~> 2.4.1)
      padrino-core (= 0.10.3)
    padrino-helpers (0.10.3)
      i18n (~> 0.6)
      padrino-core (= 0.10.3)
    padrino-mailer (0.10.3)
      mail (~> 2.3.0)
      padrino-core (= 0.10.3)
    polyglot (0.3.2)
    rack (1.3.5)
    rack-protection (1.1.4)
      rack
    rack-test (0.6.1)
      rack (>= 1.0)
    rake (0.9.2)
    redis (2.2.2)
    redis-namespace (1.0.3)
      redis (< 3.0.0)
    resque (1.19.0)
      multi_json (~> 1.0)
      redis-namespace (~> 1.0.2)
      sinatra (>= 0.9.2)
      vegas (~> 0.1.2)
    resque-loner (1.0.1)
      resque (~> 1.0)
    sass (3.1.10)
    sinatra (1.3.1)
      rack (~> 1.3, >= 1.3.4)
      rack-protection (~> 1.1, >= 1.1.2)
      tilt (~> 1.3, >= 1.3.3)
    sinatra-flash (0.3.0)
      sinatra (>= 1.0.0)
    thin (1.2.11)
      daemons (>= 1.0.9)
      eventmachine (>= 0.12.6)
      rack (>= 1.0.0)
    thor (0.14.6)
    tilt (1.3.3)
    treetop (1.4.10)
      polyglot
      polyglot (>= 0.3.1)
    url_mount (0.2.1)
      rack
    vegas (0.1.8)
      rack (>= 1.0.0)
    wirble (0.1.3)

PLATFORMS
  ruby

DEPENDENCIES
  dm-aggregates
  dm-constraints
  dm-core
  dm-migrations
  dm-sqlite-adapter
  dm-timestamps
  dm-validations
  haml
  minitest (~> 2.6.0)
  mocha
  nokogiri
  padrino (= 0.10.3)
  rack
  rack-test
  rake
  resque
  resque-loner
  sass
  sinatra-flash
  thin
  wirble
