GEM
  remote: http://rubygems.org/
  specs:
    activemodel (3.1.1)
      activesupport (= 3.1.1)
      builder (~> 3.0.0)
      i18n (~> 0.6)
    activesupport (3.1.1)
      multi_json (~> 1.0)
    bson (1.4.0)
    bson_ext (1.4.0)
    builder (3.0.0)
    daemons (1.1.4)
    diff-lcs (1.1.3)
    eventmachine (0.12.10)
    grit (2.4.1)
      diff-lcs (~> 1.1)
      mime-types (~> 1.15)
    haml (3.1.3)
    http_router (0.10.2)
      rack (>= 1.0.0)
      url_mount (~> 0.2.1)
    i18n (0.6.0)
    mail (2.3.0)
      i18n (>= 0.4.0)
      mime-types (~> 1.16)
      treetop (~> 1.4.8)
    metaclass (0.0.1)
    mime-types (1.16)
    minitest (2.6.1)
    mocha (0.10.0)
      metaclass (~> 0.0.1)
    mongo (1.4.0)
      bson (= 1.4.0)
    mongo_mapper (0.9.2)
      activemodel (~> 3.0)
      activesupport (~> 3.0)
      plucky (~> 0.3.8)
    multi_json (1.0.3)
    padrino (0.10.3)
      padrino-admin (= 0.10.3)
      padrino-cache (= 0.10.3)
      padrino-core (= 0.10.3)
      padrino-gen (= 0.10.3)
      padrino-helpers (= 0.10.3)
      padrino-mailer (= 0.10.3)
    padrino-admin (0.10.3)
      padrino-core (= 0.10.3)
      padrino-helpers (= 0.10.3)
    padrino-cache (0.10.3)
      padrino-core (= 0.10.3)
    padrino-core (0.10.3)
      activesupport (~> 3.1.0)
      http_router (~> 0.10.2)
      sinatra (~> 1.3.0)
      thor (~> 0.14.3)
      tilt (~> 1.3.0)
    padrino-gen (0.10.3)
      bundler (~> 1.0)
      grit (~> 2.4.1)
      padrino-core (= 0.10.3)
    padrino-helpers (0.10.3)
      i18n (~> 0.6)
      padrino-core (= 0.10.3)
    padrino-mailer (0.10.3)
      mail (~> 2.3.0)
      padrino-core (= 0.10.3)
    plucky (0.3.8)
      mongo (~> 1.3)
    polyglot (0.3.2)
    rack (1.3.3)
    rack-protection (1.1.4)
      rack
    rack-test (0.6.1)
      rack (>= 1.0)
    rake (0.9.2)
    sass (3.1.10)
    sinatra (1.3.0)
      rack (~> 1.3)
      rack-protection (~> 1.1)
      tilt (~> 1.3)
    sinatra-flash (0.3.0)
      sinatra (>= 1.0.0)
    thin (1.2.11)
      daemons (>= 1.0.9)
      eventmachine (>= 0.12.6)
      rack (>= 1.0.0)
    thor (0.14.6)
    tilt (1.3.3)
    treetop (1.4.10)
      polyglot
      polyglot (>= 0.3.1)
    url_mount (0.2.1)
      rack

PLATFORMS
  ruby

DEPENDENCIES
  bson_ext
  haml
  minitest (~> 2.6.0)
  mocha
  mongo_mapper
  padrino (= 0.10.3)
  rack (= 1.3.3)
  rack-test
  rake
  sass
  sinatra-flash
  thin
